GEM
  remote: https://rubygems.org/
  specs:
    eventmachine (1.0.9)
    ffi (1.15.0)
    pi_piper (2.0.0)
      eventmachine (= 1.0.9)
      ffi

PLATFORMS
  armv7l-linux-eabihf

DEPENDENCIES
  pi_piper

BUNDLED WITH
   2.2.17
